GEM
  remote: http://rubygems.org/
  specs:
    acme_challenge (0.1.0)
    addressable (2.7.0)
      public_suffix (>= 2.0.2, < 5.0)
    byebug (11.1.1)
    coderay (1.1.2)
    coffee-script (2.4.1)
      coffee-script-source
      execjs
    coffee-script-source (1.12.2)
    colorator (1.1.0)
    concurrent-ruby (1.1.5)
    diff-lcs (1.3)
    em-websocket (0.5.1)
      eventmachine (>= 0.12.9)
      http_parser.rb (~> 0.6.0)
    ethon (0.12.0)
      ffi (>= 1.3.0)
    eventmachine (1.2.7)
    execjs (2.7.0)
    faraday (1.0.0)
      multipart-post (>= 1.2, < 3)
    fastimage (1.8.1)
      addressable (~> 2.3, >= 2.3.5)
    ffi (1.12.2)
    forwardable-extended (2.6.0)
    hike (1.2.3)
    html-proofer (3.15.1)
      addressable (~> 2.3)
      mercenary (~> 0.3)
      nokogumbo (~> 2.0)
      parallel (~> 1.3)
      rainbow (~> 3.0)
      typhoeus (~> 1.3)
      yell (~> 2.0)
    http_parser.rb (0.6.0)
    i18n (1.8.2)
      concurrent-ruby (~> 1.0)
    jekyll (4.0.0)
      addressable (~> 2.4)
      colorator (~> 1.0)
      em-websocket (~> 0.5)
      i18n (>= 0.9.5, < 2)
      jekyll-sass-converter (~> 2.0)
      jekyll-watch (~> 2.0)
      kramdown (~> 2.1)
      kramdown-parser-gfm (~> 1.0)
      liquid (~> 4.0)
      mercenary (~> 0.3.3)
      pathutil (~> 0.9)
      rouge (~> 3.0)
      safe_yaml (~> 1.0)
      terminal-table (~> 1.8)
    jekyll-assets (1.0.0)
      fastimage (~> 1.6)
      jekyll (>= 2)
      mini_magick (~> 4.1)
      sass (~> 3.2)
      sprockets (~> 2.10)
      sprockets-helpers
      sprockets-sass
    jekyll-coffeescript (2.0.0)
      coffee-script (~> 2.2)
      coffee-script-source (~> 1.12)
    jekyll-gist (1.5.0)
      octokit (~> 4.2)
    jekyll-include-cache (0.2.0)
      jekyll (>= 3.7, < 5.0)
    jekyll-sass-converter (2.1.0)
      sassc (> 2.0.1, < 3.0)
    jekyll-watch (2.2.1)
      listen (~> 3.0)
    kramdown (2.1.0)
    kramdown-parser-gfm (1.1.0)
      kramdown (~> 2.0)
    liquid (4.0.3)
    liquid-c (4.0.0)
      liquid (>= 3.0.0)
    listen (3.2.1)
      rb-fsevent (~> 0.10, >= 0.10.3)
      rb-inotify (~> 0.9, >= 0.9.10)
    mercenary (0.3.6)
    method_source (0.9.2)
    mini_magick (4.10.1)
    mini_portile2 (2.4.0)
    multi_json (1.14.1)
    multipart-post (2.1.1)
    nio4r (2.5.2)
    nokogiri (1.10.7)
      mini_portile2 (~> 2.4.0)
    nokogumbo (2.0.2)
      nokogiri (~> 1.8, >= 1.8.4)
    octokit (4.16.0)
      faraday (>= 0.9)
      sawyer (~> 0.8.0, >= 0.5.3)
    parallel (1.19.1)
    pathutil (0.16.2)
      forwardable-extended (~> 2.6)
    pry (0.12.2)
      coderay (~> 1.1.0)
      method_source (~> 0.9.0)
    pry-byebug (3.8.0)
      byebug (~> 11.0)
      pry (~> 0.10)
    public_suffix (4.0.3)
    puma (4.3.1)
      nio4r (~> 2.0)
    rack (1.6.13)
    rack-contrib (1.8.0)
      rack (~> 1.4)
    rack-jekyll (0.5.0)
      jekyll (>= 1.3)
      listen (>= 1.3)
      rack (~> 1.5)
    rack-rewrite (1.5.1)
    rainbow (3.0.0)
    rake (13.0.1)
    rb-fsevent (0.10.3)
    rb-inotify (0.10.1)
      ffi (~> 1.0)
    redcarpet (3.5.0)
    rouge (3.15.0)
    rspec (3.9.0)
      rspec-core (~> 3.9.0)
      rspec-expectations (~> 3.9.0)
      rspec-mocks (~> 3.9.0)
    rspec-core (3.9.1)
      rspec-support (~> 3.9.1)
    rspec-expectations (3.9.0)
      diff-lcs (>= 1.2.0, < 2.0)
      rspec-support (~> 3.9.0)
    rspec-mocks (3.9.1)
      diff-lcs (>= 1.2.0, < 2.0)
      rspec-support (~> 3.9.0)
    rspec-support (3.9.2)
    safe_yaml (1.0.5)
    sass (3.7.4)
      sass-listen (~> 4.0.0)
    sass-listen (4.0.0)
      rb-fsevent (~> 0.9, >= 0.9.4)
      rb-inotify (~> 0.9, >= 0.9.7)
    sassc (2.2.1)
      ffi (~> 1.9)
    sawyer (0.8.2)
      addressable (>= 2.3.5)
      faraday (> 0.8, < 2.0)
    sprockets (2.12.5)
      hike (~> 1.2)
      multi_json (~> 1.0)
      rack (~> 1.0)
      tilt (~> 1.1, != 1.3.0)
    sprockets-helpers (1.2.1)
      sprockets (>= 2.2)
    sprockets-sass (1.3.1)
      sprockets (~> 2.0)
      tilt (~> 1.1)
    terminal-table (1.8.0)
      unicode-display_width (~> 1.1, >= 1.1.1)
    tilt (1.4.1)
    typhoeus (1.3.1)
      ethon (>= 0.9.0)
    unicode-display_width (1.6.1)
    yell (2.2.1)

PLATFORMS
  ruby

DEPENDENCIES
  acme_challenge
  html-proofer
  jekyll (~> 4.0)
  jekyll-assets
  jekyll-coffeescript
  jekyll-gist
  jekyll-include-cache
  liquid-c
  pry-byebug
  puma
  rack-contrib
  rack-jekyll
  rack-rewrite
  rake
  redcarpet
  rspec

RUBY VERSION
   ruby 2.6.5p114

BUNDLED WITH
   1.17.2
